GEM
  remote: http://rubygems.org/
  specs:
    actionpack (3.1.6)
      activemodel (= 3.1.6)
      activesupport (= 3.1.6)
      builder (~> 3.0.0)
      erubis (~> 2.7.0)
      i18n (~> 0.6)
      rack (~> 1.3.6)
      rack-cache (~> 1.2)
      rack-mount (~> 0.8.2)
      rack-test (~> 0.6.1)
      sprockets (~> 2.0.4)
    activemodel (3.1.6)
      activesupport (= 3.1.6)
      builder (~> 3.0.0)
      i18n (~> 0.6)
    activesupport (3.1.6)
      multi_json (>= 1.0, < 1.3)
    builder (3.0.0)
    diff-lcs (1.1.3)
    draper (0.12.3)
      actionpack (~> 3.1.3)
      activesupport (>= 2.3.10)
      activesupport (~> 3.1.3)
      rake
      rspec (~> 2.0)
    erubis (2.7.0)
    git (1.2.5)
    hike (1.2.1)
    i18n (0.6.0)
    jeweler (1.6.4)
      bundler (~> 1.0)
      git (>= 1.2.5)
      rake
    minitest (2.7.0)
    multi_json (1.2.0)
    rack (1.3.6)
    rack-cache (1.2)
      rack (>= 0.4)
    rack-mount (0.8.3)
      rack (>= 1.0.0)
    rack-test (0.6.1)
      rack (>= 1.0)
    rake (0.9.2.2)
    rcov (0.9.9)
    rspec (2.11.0)
      rspec-core (~> 2.11.0)
      rspec-expectations (~> 2.11.0)
      rspec-mocks (~> 2.11.0)
    rspec-core (2.11.1)
    rspec-expectations (2.11.1)
      diff-lcs (~> 1.1.3)
    rspec-mocks (2.11.1)
    sprockets (2.0.4)
      hike (~> 1.2)
      rack (~> 1.0)
      tilt (~> 1.1, != 1.3.0)
    tilt (1.3.3)

PLATFORMS
  ruby

DEPENDENCIES
  bundler
  draper (~> 0.12.3)
  jeweler (~> 1.6.4)
  minitest
  rcov
